PATH
  remote: .
  specs:
    believer (0.3.0)
      activemodel (~> 4.2.0)
      cassandra-driver
      connection_pool

GEM
  remote: https://rubygems.org/
  specs:
    activemodel (4.2.11.1)
      activesupport (= 4.2.11.1)
      builder (~> 3.1)
    activesupport (4.2.11.1)
      i18n (~> 0.7)
      minitest (~> 5.1)
      thread_safe (~> 0.3, >= 0.3.4)
      tzinfo (~> 1.1)
    builder (3.2.3)
    cassandra-driver (3.2.3)
      ione (~> 1.2)
    concurrent-ruby (1.1.5)
    connection_pool (2.2.2)
    diff-lcs (1.3)
    faraday (0.15.4)
      multipart-post (>= 1.2, < 3)
    gemfury (0.10.0)
      faraday (>= 0.9.0, < 0.16.0.pre)
      highline (>= 1.6.0, < 2.1.0.pre)
      multi_json (~> 1.10)
      netrc (>= 0.10.0, < 0.12.0.pre)
      thor (>= 0.14.0, < 1.0.0.pre)
    highline (2.0.2)
    i18n (0.9.5)
      concurrent-ruby (~> 1.0)
    ione (1.2.4)
    minitest (5.11.3)
    multi_json (1.13.1)
    multipart-post (2.1.1)
    netrc (0.11.0)
    rails-observers (0.1.5)
      activemodel (>= 4.0)
    rake (12.3.3)
    rspec (2.99.0)
      rspec-core (~> 2.99.0)
      rspec-expectations (~> 2.99.0)
      rspec-mocks (~> 2.99.0)
    rspec-core (2.99.2)
    rspec-expectations (2.99.2)
      diff-lcs (>= 1.1.3, < 2.0)
    rspec-mocks (2.99.4)
    simplecov (0.7.1)
      multi_json (~> 1.0)
      simplecov-html (~> 0.7.1)
    simplecov-html (0.7.1)
    thor (0.20.3)
    thread_safe (0.3.6)
    tzinfo (1.2.5)
      thread_safe (~> 0.1)

PLATFORMS
  ruby

DEPENDENCIES
  believer!
  gemfury (~> 0)
  rails-observers
  rake
  rspec (~> 2.9)
  simplecov (= 0.7.1)

BUNDLED WITH
   1.16.6
